GEM
  remote: https://rubygems.org/
  specs:
    activesupport (3.2.13)
      i18n (= 0.6.1)
      multi_json (~> 1.0)
    hub (1.10.1)
    i18n (0.6.1)
    mime-types (1.23)
    multi_json (1.7.5)
    rest-client (1.6.7)
      mime-types (>= 1.16)

PLATFORMS
  ruby

DEPENDENCIES
  activesupport
  hub (= 1.10.1)
  rest-client
